GEM
  remote: https://rubygems.org/
  specs:
    commonmarker (0.1.3)
      ruby-enum (~> 0.4)
    i18n (0.7.0)
    mini_portile (0.6.2)
    minitest (5.6.1)
    nokogiri (1.6.6.2)
      mini_portile (~> 0.6.0)
    rake (10.4.2)
    ruby-enum (0.4.0)
      i18n

PLATFORMS
  ruby

DEPENDENCIES
  commonmarker
  minitest
  nokogiri
  rake
